GEM
  remote: http://rubygems.org/
  specs:
    activemodel (3.2.14)
      activesupport (= 3.2.14)
      builder (~> 3.0.0)
    activerecord (3.2.14)
      activemodel (= 3.2.14)
      activesupport (= 3.2.14)
      arel (~> 3.0.2)
      tzinfo (~> 0.3.29)
    activesupport (3.2.14)
      i18n (~> 0.6, >= 0.6.4)
      multi_json (~> 1.0)
    arel (3.0.3)
    builder (3.0.4)
    childprocess (0.3.9)
      ffi (~> 1.0, >= 1.0.11)
    crypt_keeper (0.13.1)
      activerecord (>= 3.0)
      activesupport (>= 3.0)
    ffi (1.9.3-x86-mingw32)
    i18n (0.6.9)
    multi_json (1.8.2)
    rubyzip (1.0.0)
    selenium-webdriver (2.37.0)
      childprocess (>= 0.2.5)
      multi_json (~> 1.0)
      rubyzip (~> 1.0.0)
      websocket (~> 1.0.4)
    tzinfo (0.3.38)
    websocket (1.0.7)

PLATFORMS
  x86-mingw32

DEPENDENCIES
  activerecord (= 3.2.14)
  crypt_keeper (= 0.13.1)
  selenium-webdriver (= 2.37.0)
